GIT
  remote: https://github.com/pophealth/hqmf-parser.git
  revision: f23ab28e58a6a2fbd6f602bc2ad023d722592fef
  branch: develop
  specs:
    hqmf-parser (0.0.1)
      google-spreadsheet-ruby (= 0.1.8)
      roo (= 1.10.1)
      rubyzip
      spreadsheet (= 0.6.8)

GIT
  remote: https://github.com/pophealth/hqmf2js.git
  revision: 78bf2840908cc57ff9ded0b84e180a196d35400f
  branch: develop
  specs:
    hqmf2js (0.1.0)
      coffee-script (~> 2.2.0)
      nokogiri (~> 1.5.2)
      sprockets (~> 2.1.2)
      tilt (~> 1.3.3)

GIT
  remote: https://github.com/pophealth/patientapi.git
  revision: d839b07aa8028f101f82616a1a81018f26e3779d
  branch: develop
  specs:
    hquery-patient-api (0.1.0)

GIT
  remote: https://github.com/projectcypress/health-data-standards.git
  revision: 495b95f89505ac4a7d0383ae186e88f8deacc77a
  branch: develop
  specs:
    health-data-standards (0.8.1)
      builder (~> 3.0.0)
      erubis (~> 2.6)
      mongoid (~> 2.4.2)
      nokogiri (>= 1.4.7)
      uuid (~> 2.3.4)

GEM
  remote: http://rubygems.org/
  specs:
    activemodel (3.2.3)
      activesupport (= 3.2.3)
      builder (~> 3.0.0)
    activesupport (3.2.3)
      i18n (~> 0.6)
      multi_json (~> 1.0)
    bson (1.6.2)
    builder (3.0.0)
    choice (0.1.6)
    coderay (1.0.6)
    coffee-script (2.2.0)
      coffee-script-source
      execjs
    coffee-script-source (1.3.3)
    erubis (2.7.0)
    execjs (1.4.0)
      multi_json (~> 1.0)
    faraday (0.8.0)
      multipart-post (~> 1.1)
    google-spreadsheet-ruby (0.1.8)
      nokogiri (>= 1.4.3.1)
      oauth (>= 0.3.6)
      oauth2 (>= 0.5.0)
    hike (1.2.1)
    httpauth (0.1)
    i18n (0.6.0)
    log4r (1.1.10)
    macaddr (1.6.0)
      systemu (~> 2.2.0)
    method_source (0.7.1)
    mongo (1.6.2)
      bson (~> 1.6.2)
    mongoid (2.4.10)
      activemodel (~> 3.1)
      mongo (~> 1.3)
      tzinfo (~> 0.3.22)
    multi_json (1.3.5)
    multipart-post (1.1.5)
    nokogiri (1.5.2)
    oauth (0.4.6)
    oauth2 (0.7.1)
      faraday (~> 0.8)
      httpauth (~> 0.1)
      multi_json (~> 1.0)
      rack (~> 1.4)
    pry (0.9.9.6)
      coderay (~> 1.0.5)
      method_source (~> 0.7.1)
      slop (>= 2.4.4, < 3)
    pry-nav (0.2.1)
      pry (~> 0.9.9)
    rack (1.4.1)
    rake (0.9.2.2)
    roo (1.10.1)
      choice (>= 0.1.4)
      google-spreadsheet-ruby (>= 0.1.5)
      nokogiri (>= 1.5.0)
      rubyzip (>= 0.9.4)
      spreadsheet (> 0.6.4)
      todonotes (>= 0.1.0)
    ruby-ole (1.2.11.3)
    rubyzip (0.9.8)
    slop (2.4.4)
    spreadsheet (0.6.8)
      ruby-ole (>= 1.0)
    sprockets (2.1.3)
      hike (~> 1.2)
      rack (~> 1.0)
      tilt (~> 1.1, != 1.3.0)
    systemu (2.2.0)
    tilt (1.3.3)
    todonotes (0.1.0)
      log4r
    tzinfo (0.3.33)
    uuid (2.3.5)
      macaddr (~> 1.0)

PLATFORMS
  ruby

DEPENDENCIES
  health-data-standards!
  hqmf-parser!
  hqmf2js!
  hquery-patient-api!
  pry
  pry-nav
  rake
