GIT
  remote: https://github.com/pophealth/hqmf-parser.git
  revision: 6845c332a8a8367256bcff06c3aee684238ce928
  branch: develop
  specs:
    hqmf-parser (0.0.1)
      google-spreadsheet-ruby (= 0.1.8)
      roo (= 1.10.1)
      rubyzip
      spreadsheet (= 0.6.8)

GIT
  remote: https://github.com/pophealth/hqmf2js.git
  revision: 87c3e28ffe44f9365c11637112ecf26ccbdfa6b9
  branch: develop
  specs:
    hqmf2js (0.1.0)
      coffee-script (~> 2.2.0)
      nokogiri (~> 1.5.2)
      sprockets (~> 2.1.2)
      tilt (~> 1.3.3)

GIT
  remote: https://github.com/pophealth/patientapi.git
  revision: 99c23b3e447c3a701b840327f8eb69bb5bc5cbd8
  branch: develop
  specs:
    hquery-patient-api (0.1.0)

GIT
  remote: https://github.com/projectcypress/health-data-standards.git
  revision: 7b3d8b0442ef2aa440a6e1ac581f522712bb3a4a
  branch: develop
  specs:
    health-data-standards (1.0.1)
      builder (~> 3.0.0)
      erubis (~> 2.6)
      mongoid (~> 2.4.2)
      nokogiri (>= 1.4.4)
      uuid (~> 2.3.4)

GEM
  remote: http://rubygems.org/
  specs:
    activemodel (3.2.8)
      activesupport (= 3.2.8)
      builder (~> 3.0.0)
    activesupport (3.2.8)
      i18n (~> 0.6)
      multi_json (~> 1.0)
    bson (1.6.4)
    bson_ext (1.6.2)
      bson (~> 1.6.2)
    builder (3.0.0)
    choice (0.1.6)
    coderay (1.0.6)
    coffee-script (2.2.0)
      coffee-script-source
      execjs
    coffee-script-source (1.3.3)
    erubis (2.7.0)
    execjs (1.4.0)
      multi_json (~> 1.0)
    faraday (0.8.4)
      multipart-post (~> 1.1)
    google-spreadsheet-ruby (0.1.8)
      nokogiri (>= 1.4.3.1)
      oauth (>= 0.3.6)
      oauth2 (>= 0.5.0)
    hike (1.2.1)
    httpauth (0.1)
    i18n (0.6.1)
    jwt (0.1.5)
      multi_json (>= 1.0)
    log4r (1.1.10)
    macaddr (1.6.1)
      systemu (~> 2.5.0)
    method_source (0.7.1)
    mongo (1.6.2)
      bson (~> 1.6.2)
    mongoid (2.4.12)
      activemodel (~> 3.1)
      mongo (<= 1.6.2)
      tzinfo (~> 0.3.22)
    multi_json (1.3.6)
    multipart-post (1.1.5)
    nokogiri (1.5.5)
    oauth (0.4.6)
    oauth2 (0.8.0)
      faraday (~> 0.8)
      httpauth (~> 0.1)
      jwt (~> 0.1.4)
      multi_json (~> 1.0)
      rack (~> 1.2)
    pry (0.9.9.6)
      coderay (~> 1.0.5)
      method_source (~> 0.7.1)
      slop (>= 2.4.4, < 3)
    pry-nav (0.2.1)
      pry (~> 0.9.9)
    rack (1.4.1)
    rake (0.9.2.2)
    roo (1.10.1)
      choice (>= 0.1.4)
      google-spreadsheet-ruby (>= 0.1.5)
      nokogiri (>= 1.5.0)
      rubyzip (>= 0.9.4)
      spreadsheet (> 0.6.4)
      todonotes (>= 0.1.0)
    ruby-ole (1.2.11.4)
    rubyzip (0.9.9)
    simplecov (0.6.4)
      multi_json (~> 1.0)
      simplecov-html (~> 0.5.3)
    simplecov-html (0.5.3)
    slop (2.4.4)
    spreadsheet (0.6.8)
      ruby-ole (>= 1.0)
    sprockets (2.1.3)
      hike (~> 1.2)
      rack (~> 1.0)
      tilt (~> 1.1, != 1.3.0)
    systemu (2.5.2)
    tilt (1.3.3)
    todonotes (0.1.0)
      log4r
    tzinfo (0.3.33)
    uuid (2.3.5)
      macaddr (~> 1.0)

PLATFORMS
  ruby

DEPENDENCIES
  bson_ext
  health-data-standards!
  hqmf-parser!
  hqmf2js!
  hquery-patient-api!
  pry
  pry-nav
  rake
  simplecov
